GEM
  remote: https://rubygems.org/
  specs:
    addressable (2.3.6)
    crack (0.4.2)
      safe_yaml (~> 1.0.0)
    curb (0.8.6)
    erubis (2.7.0)
    leveldb-native (0.6)
    mini_portile (0.6.0)
    nokogiri (1.6.2.1)
      mini_portile (= 0.6.0)
    oj (2.9.9)
    rack (1.5.2)
    rack-protection (1.5.3)
      rack
    safe_yaml (1.0.3)
    sinatra (1.4.5)
      rack (~> 1.4)
      rack-protection (~> 1.4)
      tilt (~> 1.3, >= 1.3.4)
    tilt (1.4.1)
    webmock (1.18.0)
      addressable (>= 2.3.6)
      crack (>= 0.3.2)

PLATFORMS
  ruby

DEPENDENCIES
  curb (~> 0.8.6)
  erubis (~> 2.7.0)
  leveldb-native (~> 0.6)
  nokogiri (~> 1.6.2.1)
  oj (~> 2.9.9)
  sinatra (~> 1.4.5)
  webmock (~> 1.18.0)
