GEM
  remote: https://rubygems.org/
  specs:
    addressable (2.3.6)
    cookiejar (0.3.2)
    crack (0.4.2)
      safe_yaml (~> 1.0.0)
    em-hiredis (0.3.0)
      eventmachine (~> 1.0)
      hiredis (~> 0.5.0)
    em-http-request (1.1.2)
      addressable (>= 2.3.4)
      cookiejar
      em-socksify (>= 0.3)
      eventmachine (>= 1.0.3)
      http_parser.rb (>= 0.6.0)
    em-pg-client (0.3.4)
      eventmachine (~> 1.0.0)
      pg (>= 0.17.0)
    em-socksify (0.3.0)
      eventmachine (>= 1.0.0.beta.4)
    eventmachine (1.0.3)
    hashr (0.0.22)
    hiredis (0.5.2)
    http_parser.rb (0.6.0)
    mini_portile (0.6.0)
    nokogiri (1.6.2.1)
      mini_portile (= 0.6.0)
    oj (2.9.9)
    pg (0.17.1)
    rocksdb-ruby (0.1.0)
    safe_yaml (1.0.3)
    webmock (1.18.0)
      addressable (>= 2.3.6)
      crack (>= 0.3.2)

PLATFORMS
  ruby

DEPENDENCIES
  em-hiredis (~> 0.3.0)
  em-http-request (~> 1.1.2)
  em-pg-client (~> 0.3.4)
  eventmachine (~> 1.0.3)
  hashr (~> 0.0.22)
  nokogiri (~> 1.6.2.1)
  oj (~> 2.9.9)
  rocksdb-ruby (~> 0.1.0)
  webmock (~> 1.18.0)
