GIT
  remote: https://github.com/leoschwarz/ruby-leveldb-native.git
  revision: eb9327993f3a06c2a09fda24298e08ebb83906f9
  specs:
    leveldb-native (0.6)

GEM
  remote: https://rubygems.org/
  specs:
    ansi (1.5.0)
    ast (2.2.0)
    curb (0.8.6)
    diff-lcs (1.2.5)
    docile (1.1.5)
    erubis (2.7.0)
    json (1.8.3)
    oga (2.0.0)
      ast
      ruby-ll (~> 2.1)
    oj (2.9.9)
    puma (2.10.2)
      rack (>= 1.1, < 2.0)
    rack (1.5.2)
    rack-protection (1.5.3)
      rack
    rspec (3.4.0)
      rspec-core (~> 3.4.0)
      rspec-expectations (~> 3.4.0)
      rspec-mocks (~> 3.4.0)
    rspec-core (3.4.1)
      rspec-support (~> 3.4.0)
    rspec-expectations (3.4.0)
      diff-lcs (>= 1.2.0, < 2.0)
      rspec-support (~> 3.4.0)
    rspec-mocks (3.4.1)
      diff-lcs (>= 1.2.0, < 2.0)
      rspec-support (~> 3.4.0)
    rspec-support (3.4.1)
    ruby-ll (2.1.2)
      ansi
      ast
    simplecov (0.11.1)
      docile (~> 1.1.0)
      json (~> 1.8)
      simplecov-html (~> 0.10.0)
    simplecov-html (0.10.0)
    sinatra (1.4.5)
      rack (~> 1.4)
      rack-protection (~> 1.4)
      tilt (~> 1.3, >= 1.3.4)
    tilt (1.4.1)

PLATFORMS
  ruby

DEPENDENCIES
  curb (~> 0.8.6)
  erubis (~> 2.7.0)
  leveldb-native!
  oga (~> 2.0.0)
  oj (~> 2.9.9)
  puma (~> 2.10.2)
  rspec (~> 3.4.0)
  simplecov (~> 0.11.1)
  sinatra (~> 1.4.5)

BUNDLED WITH
   1.11.2
