GEM
  remote: https://rubygems.org/
  specs:
    configatron (4.2.0)
    json (1.8.1)
    mini_portile (0.6.0)
    nokogiri (1.6.2.1)
      mini_portile (= 0.6.0)
    pg (0.17.1)

PLATFORMS
  ruby

DEPENDENCIES
  configatron (~> 4.2.0)
  json (~> 1.8.1)
  nokogiri (~> 1.6.2.1)
  pg (~> 0.17.1)
