GEM
  remote: https://rubygems.org/
  specs:
    addressable (2.3.6)
    cookiejar (0.3.2)
    em-http-request (1.1.2)
      addressable (>= 2.3.4)
      cookiejar
      em-socksify (>= 0.3)
      eventmachine (>= 1.0.3)
      http_parser.rb (>= 0.6.0)
    em-pg-client (0.3.4)
      eventmachine (~> 1.0.0)
      pg (>= 0.17.0)
    em-socksify (0.3.0)
      eventmachine (>= 1.0.0.beta.4)
    eventmachine (1.0.3)
    http_parser.rb (0.6.0)
    json (1.8.1)
    mini_portile (0.6.0)
    nokogiri (1.6.2.1)
      mini_portile (= 0.6.0)
    pg (0.17.1)

PLATFORMS
  ruby

DEPENDENCIES
  em-http-request (~> 1.1.2)
  em-pg-client (~> 0.3.4)
  eventmachine (~> 1.0.3)
  json (~> 1.8.1)
  nokogiri (~> 1.6.2.1)
