GEM
  remote: https://rubygems.org/
  specs:
    RubyInline (3.12.3)
      ZenTest (~> 4.3)
    ZenTest (4.10.1)
    addressable (2.3.6)
    crack (0.4.2)
      safe_yaml (~> 1.0.0)
    hashr (0.0.22)
    mini_portile (0.6.0)
    nokogiri (1.6.2.1)
      mini_portile (= 0.6.0)
    oj (2.9.9)
    redis (3.1.0)
    rocksdb-ruby (0.1.0)
    safe_yaml (1.0.3)
    webmock (1.18.0)
      addressable (>= 2.3.6)
      crack (>= 0.3.2)

PLATFORMS
  ruby

DEPENDENCIES
  RubyInline (~> 3.12.3)
  hashr (~> 0.0.22)
  nokogiri (~> 1.6.2.1)
  oj (~> 2.9.9)
  redis (~> 3.1.0)
  rocksdb-ruby (~> 0.1.0)
  webmock (~> 1.18.0)
