GEM
  remote: https://rubygems.org/
  specs:
    json (1.8.1)
    msgpack (0.5.9)
    oj (2.11.0)
    yajl-ruby (1.2.1)

PLATFORMS
  ruby

DEPENDENCIES
  json (= 1.8.1)
  msgpack (= 0.5.9)
  oj (= 2.11.0)
  yajl-ruby (= 1.2.1)
